GIT
  remote: https://github.com/riboseinc/asciidoctor-iso
  revision: ab7411e952d3c666c3b26b4bcb88522cbea4068f
  specs:
    asciidoctor-iso (0.7.9)
      asciidoctor (~> 1.5.7)
      html2doc
      isobib (~> 0.1.4)
      isodoc (~> 0.6.2)
      ruby-jing

GIT
  remote: https://github.com/riboseinc/isodoc
  revision: 03998bcf057a8c0eb18979767b34e365d1264ab2
  specs:
    isodoc (0.6.2)
      asciimath
      html2doc
      htmlentities (~> 4.3.4)
      image_size
      liquid
      mime-types
      nokogiri
      roman-numerals
      ruby-xslt
      sass
      thread_safe
      uuidtools

PATH
  remote: .
  specs:
    asciidoctor-csand (0.2.7)
      asciidoctor (~> 1.5.7)
      asciidoctor-iso (>= 0.7.5)
      asciimath
      htmlentities (~> 4.3.4)
      image_size
      isodoc
      mime-types
      nokogiri
      ruby-jing
      ruby-xslt
      thread_safe
      uuidtools

GEM
  remote: https://rubygems.org/
  specs:
    algoliasearch (1.22.0)
      httpclient (~> 2.8, >= 2.8.3)
      json (>= 1.5.1)
    asciidoctor (1.5.7.1)
    asciimath (1.0.4)
    ast (2.4.0)
    byebug (9.1.0)
    coderay (1.1.2)
    diff-lcs (1.3)
    docile (1.3.1)
    equivalent-xml (0.6.0)
      nokogiri (>= 1.4.3)
    ffi (1.9.23)
    formatador (0.2.5)
    guard (2.14.2)
      formatador (>= 0.2.4)
      listen (>= 2.7, < 4.0)
      lumberjack (>= 1.0.12, < 2.0)
      nenv (~> 0.1)
      notiffany (~> 0.0)
      pry (>= 0.9.12)
      shellany (~> 0.0)
      thor (>= 0.18.1)
    guard-compat (1.2.1)
    guard-rspec (4.7.3)
      guard (~> 2.1)
      guard-compat (~> 1.1)
      rspec (>= 2.99.0, < 4.0)
    html2doc (0.7.1)
      asciimath
      htmlentities (~> 4.3.4)
      image_size
      mime-types
      nokogiri
      ruby-xslt
      thread_safe
      uuidtools
    htmlentities (4.3.4)
    httpclient (2.8.3)
    image_size (2.0.0)
    iso-bib-item (0.1.3)
      isoics (~> 0.1.6)
      nokogiri
    isobib (0.1.4)
      algoliasearch
      iso-bib-item (~> 0.1.2)
    isoics (0.1.6)
    json (2.1.0)
    liquid (4.0.0)
    listen (3.1.5)
      rb-fsevent (~> 0.9, >= 0.9.4)
      rb-inotify (~> 0.9, >= 0.9.7)
      ruby_dep (~> 1.2)
    lumberjack (1.0.13)
    method_source (0.9.0)
    mime-types (3.1)
      mime-types-data (~> 3.2015)
    mime-types-data (3.2016.0521)
    mini_portile2 (2.3.0)
    nenv (0.3.0)
    nokogiri (1.8.2)
      mini_portile2 (~> 2.3.0)
    notiffany (0.1.1)
      nenv (~> 0.1)
      shellany (~> 0.0)
    optout (0.0.2)
    parallel (1.12.1)
    parser (2.5.1.0)
      ast (~> 2.4.0)
    powerpack (0.1.1)
    pry (0.11.3)
      coderay (~> 1.1.0)
      method_source (~> 0.9.0)
    rainbow (3.0.0)
    rake (12.3.1)
    rb-fsevent (0.10.3)
    rb-inotify (0.9.10)
      ffi (>= 0.5.0, < 2)
    roman-numerals (0.3.0)
    rspec (3.7.0)
      rspec-core (~> 3.7.0)
      rspec-expectations (~> 3.7.0)
      rspec-mocks (~> 3.7.0)
    rspec-core (3.7.1)
      rspec-support (~> 3.7.0)
    rspec-expectations (3.7.0)
      diff-lcs (>= 1.2.0, < 2.0)
      rspec-support (~> 3.7.0)
    rspec-mocks (3.7.0)
      diff-lcs (>= 1.2.0, < 2.0)
      rspec-support (~> 3.7.0)
    rspec-support (3.7.1)
    rubocop (0.56.0)
      parallel (~> 1.10)
      parser (>= 2.5)
      powerpack (~> 0.1)
      rainbow (>= 2.2.2, < 4.0)
      ruby-progressbar (~> 1.7)
      unicode-display_width (~> 1.0, >= 1.0.1)
    ruby-jing (0.0.1)
      optout (>= 0.0.2)
    ruby-progressbar (1.9.0)
    ruby-xslt (0.9.10)
    ruby_dep (1.5.0)
    sass (3.5.6)
      sass-listen (~> 4.0.0)
    sass-listen (4.0.0)
      rb-fsevent (~> 0.9, >= 0.9.4)
      rb-inotify (~> 0.9, >= 0.9.7)
    shellany (0.0.1)
    simplecov (0.16.1)
      docile (~> 1.1)
      json (>= 1.8, < 3)
      simplecov-html (~> 0.10.0)
    simplecov-html (0.10.2)
    thor (0.20.0)
    thread_safe (0.3.6)
    timecop (0.9.1)
    unicode-display_width (1.3.3)
    uuidtools (2.1.5)

PLATFORMS
  ruby

DEPENDENCIES
  asciidoctor-csand!
  asciidoctor-iso!
  bundler (~> 1.15)
  byebug (~> 9.1)
  equivalent-xml (~> 0.6)
  guard (~> 2.14)
  guard-rspec (~> 4.7)
  isodoc!
  rake (~> 12.0)
  rspec (~> 3.6)
  rubocop (~> 0.50)
  simplecov (~> 0.15)
  timecop (~> 0.9)

BUNDLED WITH
   1.16.2
